GEM
  remote: https://rubygems.org/
  specs:
    encrypted_strings (0.3.3)
    rack (1.6.4)
    rack-protection (1.5.3)
      rack
    sinatra (1.4.7)
      rack (~> 1.5)
      rack-protection (~> 1.4)
      tilt (>= 1.3, < 3)
    tilt (2.0.2)

PLATFORMS
  ruby

DEPENDENCIES
  encrypted_strings
  sinatra

RUBY VERSION
   ruby 2.1.5p273

BUNDLED WITH
   1.12.0.rc.4
